{
	"Modality": "MR",
	"MagneticFieldStrength": 3,
	"ImagingFrequency": 127.727586,
	"Manufacturer": "GE",
	"ManufacturersModelName": "DISCOVERY MR750",
	"InstitutionName": "Lucas Center",
	"DeviceSerialNumber": "0000000000SHMR10",
	"StationName": "No2",
	"PatientPosition": "HFS",
	"ProcedureStepDescription": "SPGR",
	"SoftwareVersions": "24\\LX\\MR Software release:DV24.0_R01_1344.a",
	"MRAcquisitionType": "3D",
	"SeriesDescription": "3D volume",
	"ProtocolName": "Etkin_CausCon_GoGiants_S",
	"ScanningSequence": "GR",
	"SequenceVariant": "SS\\SP\\SK",
	"ScanOptions": "FAST_GEMS\\EDR_GEMS\\PFF",
	"PulseSequenceName": "efgre3d",
	"ImageType": ["ORIGINAL", "PRIMARY", "OTHER"],
	"SeriesNumber": 5,
	"AcquisitionTime": "11:10:4.000000",
	"AcquisitionNumber": 1,
	"SliceThickness": 1.2,
	"SpacingBetweenSlices": 1.2,
	"SAR": 0.49594,
	"NumberOfAverages": 2,
	"EchoTime": 0.002004,
	"RepetitionTime": 0.00614,
	"SpoilingState": true,
	"InversionTime": 0.4,
	"FlipAngle": 11,
	"ShimSetting": [
		10,
		2,
		-46	],
	"PrescanReuseString": "TG/s1,CF/s1,AS/s1",
	"CoilString": "8HRBRAIN",
	"NumberOfExcitations": 2,
	"PercentPhaseFOV": 80,
	"PercentSampling": 100,
	"AcquisitionMatrixPE": 192,
	"ReconMatrixPE": 256,
	"PixelBandwidth": 244.141,
	"ImageOrientationPatientDICOM": [
		1,
		-0,
		0,
		-0,
		1,
		0	],
	"InPlanePhaseEncodingDirectionDICOM": "ROW",
	"BidsGuess": ["anat","_acq-EFGRE3D_run-5_T1w"],
	"ConversionSoftware": "dcm2niix",
	"ConversionSoftwareVersion": "v1.0.20240202"
}
