{
	"Modality": "MR",
	"MagneticFieldStrength": 3,
	"ImagingFrequency": 127.727354,
	"Manufacturer": "GE",
	"ManufacturersModelName": "DISCOVERY MR750",
	"InstitutionName": "Lucas Center",
	"DeviceSerialNumber": "0000000000SHMR10",
	"StationName": "No2",
	"PatientPosition": "HFS",
	"ProcedureStepDescription": "NTS 3029 Scan 1 CausconBRAVO",
	"SoftwareVersions": "25\\LX\\MR Software release:DV25.0_R01_1451.a",
	"MRAcquisitionType": "3D",
	"SeriesDescription": "Sag FSPGR BRAVO",
	"ProtocolName": "Etkin_CC_Scan1_2015_08_2",
	"ScanningSequence": "GR",
	"SequenceVariant": "SS\\SK",
	"ScanOptions": "FAST_GEMS\\EDR_GEMS\\ACC_GEMS",
	"PulseSequenceName": "BRAVO",
	"ImageType": ["ORIGINAL", "PRIMARY", "OTHER"],
	"SeriesNumber": 10,
	"AcquisitionTime": "13:47:38.000000",
	"AcquisitionNumber": 1,
	"SliceThickness": 1,
	"SpacingBetweenSlices": 1,
	"SAR": 0.261403,
	"EchoTime": 0.003384,
	"RepetitionTime": 0.008572,
	"InversionTime": 0.45,
	"FlipAngle": 15,
	"ShimSetting": [
		9,
		1,
		-40	],
	"PrescanReuseString": "TG/s3,CF/s1,AS/s1",
	"CoilString": "8HRBRAIN",
	"PercentPhaseFOV": 100,
	"PercentSampling": 100,
	"AcquisitionMatrixPE": 256,
	"ReconMatrixPE": 256,
	"ParallelReductionFactorInPlane": 2,
	"PixelBandwidth": 244.141,
	"ImageOrientationPatientDICOM": [
		-0,
		1,
		0,
		-0,
		-0,
		-1	],
	"InPlanePhaseEncodingDirectionDICOM": "ROW",
	"BidsGuess": ["anat","_acq-EFGRE3Dp2_run-10_T1w"],
	"ConversionSoftware": "dcm2niix",
	"ConversionSoftwareVersion": "v1.0.20240202"
}
