{
	"Modality": "MR",
	"MagneticFieldStrength": 3,
	"ImagingFrequency": 127.764711,
	"Manufacturer": "GE",
	"ManufacturersModelName": "DISCOVERY MR750",
	"InstitutionName": "Stanford Lucas Center",
	"DeviceSerialNumber": "0000415723SCHMR2",
	"StationName": "lc3t3",
	"BodyPartExamined": "HEAD",
	"PatientPosition": "HFS",
	"ProcedureStepDescription": "CC NTHC 1075 redo scan 1 (3T3)BRAVO",
	"SoftwareVersions": "27\\LX\\MR Software release:DV26.0_R01_1725.a",
	"MRAcquisitionType": "3D",
	"SeriesDescription": "Sag FSPGR BRAVO",
	"ProtocolName": "Etkin_CausCon_Scan1_2016",
	"ScanningSequence": "GR",
	"SequenceVariant": "SS\\SK",
	"ScanOptions": "FAST_GEMS\\EDR_GEMS\\ACC_GEMS\\IR_GEMS",
	"PulseSequenceName": "BRAVO",
	"ImageType": ["ORIGINAL", "PRIMARY", "OTHER"],
	"SeriesNumber": 10,
	"AcquisitionTime": "15:04:44.000000",
	"AcquisitionNumber": 1,
	"SliceThickness": 1,
	"SpacingBetweenSlices": 1,
	"SAR": 0.129769,
	"EchoTime": 0.003404,
	"RepetitionTime": 0.008612,
	"InversionTime": 0.45,
	"FlipAngle": 15,
	"ShimSetting": [
		-13,
		-6,
		-25	],
	"PrescanReuseString": "TG/s3,RN/s1",
	"CoilString": "8HRBRAIN",
	"PercentPhaseFOV": 100,
	"PercentSampling": 100,
	"AcquisitionMatrixPE": 256,
	"ReconMatrixPE": 256,
	"ParallelReductionFactorInPlane": 2,
	"PixelBandwidth": 244.141,
	"ImageOrientationPatientDICOM": [
		-0,
		1,
		0,
		-0,
		-0,
		-1	],
	"InPlanePhaseEncodingDirectionDICOM": "ROW",
	"BidsGuess": ["anat","_acq-EFGRE3Dp2_run-10_T1w"],
	"ConversionSoftware": "dcm2niix",
	"ConversionSoftwareVersion": "v1.0.20240202"
}
