{
	"Modality": "MR",
	"MagneticFieldStrength": 3,
	"ImagingFrequency": 127.762887,
	"Manufacturer": "GE",
	"ManufacturersModelName": "SIGNA Premier",
	"InstitutionName": "Lucas Center",
	"DeviceSerialNumber": "0000415723SHMR18",
	"StationName": "No2",
	"BodyPartExamined": "HEAD",
	"PatientPosition": "HFS",
	"ProcedureStepDescription": "aetkin causcon scan 1 tis 4203BRAVO",
	"SoftwareVersions": "27\\LX\\MR Software release:RX27.0_EB_1743.a",
	"MRAcquisitionType": "3D",
	"SeriesDescription": "Sag FSPGR BRAVO",
	"ProtocolName": "Etkin_CC_Scan1_2015_08_2",
	"ScanningSequence": "GR\\IR",
	"SequenceVariant": "SS\\SK",
	"ScanOptions": "FAST_GEMS\\EDR_GEMS\\ACC_GEMS\\IR_GEMS",
	"PulseSequenceName": "BRAVO",
	"ImageType": ["ORIGINAL", "PRIMARY", "OTHER"],
	"SeriesNumber": 13,
	"AcquisitionTime": "17:13:52.000000",
	"AcquisitionNumber": 1,
	"SliceThickness": 1,
	"SpacingBetweenSlices": 1,
	"SAR": 0.160282,
	"EchoTime": 0.00326,
	"RepetitionTime": 0.008368,
	"InversionTime": 0.45,
	"FlipAngle": 15,
	"ShimSetting": [
		-24,
		48,
		-368	],
	"PrescanReuseString": "RN/s1",
	"CoilString": "RM:8HRBRAIN",
	"PercentPhaseFOV": 100,
	"PercentSampling": 100,
	"AcquisitionMatrixPE": 256,
	"ReconMatrixPE": 256,
	"ParallelReductionFactorInPlane": 2,
	"PixelBandwidth": 244.141,
	"ImageOrientationPatientDICOM": [
		-0,
		1,
		0,
		-0,
		-0,
		-1	],
	"InPlanePhaseEncodingDirectionDICOM": "ROW",
	"BidsGuess": ["anat","_acq-EFGRE3Dp2_run-13_T1w"],
	"ConversionSoftware": "dcm2niix",
	"ConversionSoftwareVersion": "v1.0.20240202"
}
